GEM
  remote: https://rubygems.org/
  specs:
    albacore (2.4.3)
      map (~> 6.5)
      nokogiri (~> 1.5)
      rake (~> 10)
      semver2 (~> 3.4)
    map (6.5.5)
    mini_portile2 (2.0.0)
    nokogiri (1.6.7.1)
      mini_portile2 (~> 2.0.0.rc2)
    rake (10.4.2)
    semver2 (3.4.2)

PLATFORMS
  ruby

DEPENDENCIES
  albacore (~> 2.4.3)

BUNDLED WITH
   1.10.6
