NUGET
  remote: https://www.nuget.org/api/v2
  specs:
    angularjs (1.4.0) - framework: >= net45
    FSharp.Core (3.1.2.1) - framework: >= net45
    FsPickler (1.0.7) - framework: >= net45
    NuGet.CommandLine (3.3.0)
    Suave (0.28.1) - framework: >= net45
      FSharp.Core (>= 3.1.2.1)
      FsPickler (>= 1.0.7)
